GEM
  remote: https://rubygems.org/
  specs:
    pg (0.18.4)
    rack (3.0.4.2)
    roda (2.1.0)
      rack
    sequel (4.21.0)

PLATFORMS
  ruby

DEPENDENCIES
  pg (~> 0.18.1)
  roda (~> 2.1.0)
  sequel (~> 4.21.0)

BUNDLED WITH
   2.1.4
