GEM
  remote: https://rubygems.org/
  specs:
    pg (0.18.4)
    rack (2.2.3)
    rack-protection (1.5.5)
      rack
    rack_csrf (2.5.0)
      rack (>= 1.1.0)
    roda (2.1.0)
      rack
    sequel (4.21.0)

PLATFORMS
  ruby

DEPENDENCIES
  pg (~> 0.18.1)
  rack-protection (~> 1.5.3)
  rack_csrf (~> 2.5.0)
  roda (~> 2.1.0)
  sequel (~> 4.21.0)

BUNDLED WITH
   2.1.4
